GEM
  remote: https://rubygems.org/
  specs:
    beziercurve (0.8.4)
    pdf-core (0.7.0)
    prawn (2.2.2)
      pdf-core (~> 0.7.0)
      ttfunk (~> 1.5)
    ttfunk (1.5.1)

PLATFORMS
  ruby

DEPENDENCIES
  beziercurve
  prawn

BUNDLED WITH
   1.15.3
