GEM
  remote: https://rubygems.org/
  specs:
    workers (0.6.0)

PLATFORMS
  ruby

DEPENDENCIES
  workers

BUNDLED WITH
   1.15.3
