GIT
  remote: git://github.com/LukasSkywalker/beziercurve.git
  revision: 55a5f120f415849d9805d11fa51a8196674595e7
  specs:
    beziercurve (0.8.4)

GEM
  remote: https://rubygems.org/
  specs:
    gosu (0.12.1)
    pdf-core (0.7.0)
    prawn (2.2.2)
      pdf-core (~> 0.7.0)
      ttfunk (~> 1.5)
    ttfunk (1.5.1)

PLATFORMS
  ruby

DEPENDENCIES
  beziercurve!
  gosu
  prawn

BUNDLED WITH
   1.15.3
